STORAGE: NONE
RESTRICTION: == net7.0
NUGET
  remote: https://api.nuget.org/v3/index.json
    Colorful.Console (1.2.15)
      Microsoft.CSharp (>= 4.0.1)
      System.Collections (>= 4.0.11)
      System.Collections.Concurrent (>= 4.0.12)
      System.Console (>= 4.0)
      System.Diagnostics.Debug (>= 4.0.11)
      System.Dynamic.Runtime (>= 4.0.11)
      System.Globalization (>= 4.0.11)
      System.IO.FileSystem (>= 4.0.1)
      System.Linq (>= 4.1)
      System.Runtime (>= 4.1)
      System.Runtime.Extensions (>= 4.1)
      System.Runtime.InteropServices (>= 4.1)
      System.Text.RegularExpressions (>= 4.1)
    Expecto (9.0.4)
      FSharp.Core (>= 4.6)
      Mono.Cecil (>= 0.11.3)
    FSharp.Core (7.0)
    Microsoft.CSharp (4.7)
    Microsoft.NETCore.Platforms (7.0)
    Microsoft.NETCore.Targets (5.0)
    Mono.Cecil (0.11.4)
    runtime.native.System (4.3.1)
      Microsoft.NETCore.Platforms (>= 1.1.1)
      Microsoft.NETCore.Targets (>= 1.1.3)
    ShellProgressBar (5.2)
      System.Runtime.InteropServices.RuntimeInformation (>= 4.3)
      System.Text.Encoding.CodePages (>= 4.0.1)
    System.Collections (4.3)
      Microsoft.NETCore.Platforms (>= 1.1)
      Microsoft.NETCore.Targets (>= 1.1)
      System.Runtime (>= 4.3)
    System.Collections.Concurrent (4.3)
      System.Collections (>= 4.3)
      System.Diagnostics.Debug (>= 4.3)
      System.Diagnostics.Tracing (>= 4.3)
      System.Globalization (>= 4.3)
      System.Reflection (>= 4.3)
      System.Resources.ResourceManager (>= 4.3)
      System.Runtime (>= 4.3)
      System.Runtime.Extensions (>= 4.3)
      System.Threading (>= 4.3)
      System.Threading.Tasks (>= 4.3)
    System.Collections.Immutable (7.0)
    System.Console (4.3.1)
      Microsoft.NETCore.Platforms (>= 1.1)
      Microsoft.NETCore.Targets (>= 1.1.2)
      System.IO (>= 4.3)
      System.Runtime (>= 4.3)
      System.Text.Encoding (>= 4.3)
    System.Diagnostics.Debug (4.3)
      Microsoft.NETCore.Platforms (>= 1.1)
      Microsoft.NETCore.Targets (>= 1.1)
      System.Runtime (>= 4.3)
    System.Diagnostics.Tracing (4.3)
      Microsoft.NETCore.Platforms (>= 1.1)
      Microsoft.NETCore.Targets (>= 1.1)
      System.Runtime (>= 4.3)
    System.Dynamic.Runtime (4.3)
      System.Collections (>= 4.3)
      System.Diagnostics.Debug (>= 4.3)
      System.Linq (>= 4.3)
      System.Linq.Expressions (>= 4.3)
      System.ObjectModel (>= 4.3)
      System.Reflection (>= 4.3)
      System.Reflection.Emit (>= 4.3)
      System.Reflection.Emit.ILGeneration (>= 4.3)
      System.Reflection.Primitives (>= 4.3)
      System.Reflection.TypeExtensions (>= 4.3)
      System.Resources.ResourceManager (>= 4.3)
      System.Runtime (>= 4.3)
      System.Runtime.Extensions (>= 4.3)
      System.Threading (>= 4.3)
    System.Globalization (4.3)
      Microsoft.NETCore.Platforms (>= 1.1)
      Microsoft.NETCore.Targets (>= 1.1)
      System.Runtime (>= 4.3)
    System.IO (4.3)
      Microsoft.NETCore.Platforms (>= 1.1)
      Microsoft.NETCore.Targets (>= 1.1)
      System.Runtime (>= 4.3)
      System.Text.Encoding (>= 4.3)
      System.Threading.Tasks (>= 4.3)
    System.IO.FileSystem (4.3)
      Microsoft.NETCore.Platforms (>= 1.1)
      Microsoft.NETCore.Targets (>= 1.1)
      System.IO (>= 4.3)
      System.IO.FileSystem.Primitives (>= 4.3)
      System.Runtime (>= 4.3)
      System.Runtime.Handles (>= 4.3)
      System.Text.Encoding (>= 4.3)
      System.Threading.Tasks (>= 4.3)
    System.IO.FileSystem.Primitives (4.3)
      System.Runtime (>= 4.3)
    System.Linq (4.3)
      System.Collections (>= 4.3)
      System.Diagnostics.Debug (>= 4.3)
      System.Resources.ResourceManager (>= 4.3)
      System.Runtime (>= 4.3)
      System.Runtime.Extensions (>= 4.3)
    System.Linq.Expressions (4.3)
      System.Collections (>= 4.3)
      System.Diagnostics.Debug (>= 4.3)
      System.Globalization (>= 4.3)
      System.IO (>= 4.3)
      System.Linq (>= 4.3)
      System.ObjectModel (>= 4.3)
      System.Reflection (>= 4.3)
      System.Reflection.Emit (>= 4.3)
      System.Reflection.Emit.ILGeneration (>= 4.3)
      System.Reflection.Emit.Lightweight (>= 4.3)
      System.Reflection.Extensions (>= 4.3)
      System.Reflection.Primitives (>= 4.3)
      System.Reflection.TypeExtensions (>= 4.3)
      System.Resources.ResourceManager (>= 4.3)
      System.Runtime (>= 4.3)
      System.Runtime.Extensions (>= 4.3)
      System.Threading (>= 4.3)
    System.ObjectModel (4.3)
      System.Collections (>= 4.3)
      System.Diagnostics.Debug (>= 4.3)
      System.Resources.ResourceManager (>= 4.3)
      System.Runtime (>= 4.3)
      System.Threading (>= 4.3)
    System.Reflection (4.3)
      Microsoft.NETCore.Platforms (>= 1.1)
      Microsoft.NETCore.Targets (>= 1.1)
      System.IO (>= 4.3)
      System.Reflection.Primitives (>= 4.3)
      System.Runtime (>= 4.3)
    System.Reflection.Emit (4.7)
    System.Reflection.Emit.ILGeneration (4.7)
    System.Reflection.Emit.Lightweight (4.7)
    System.Reflection.Extensions (4.3)
      Microsoft.NETCore.Platforms (>= 1.1)
      Microsoft.NETCore.Targets (>= 1.1)
      System.Reflection (>= 4.3)
      System.Runtime (>= 4.3)
    System.Reflection.Primitives (4.3)
      Microsoft.NETCore.Platforms (>= 1.1)
      Microsoft.NETCore.Targets (>= 1.1)
      System.Runtime (>= 4.3)
    System.Reflection.TypeExtensions (4.7)
    System.Resources.ResourceManager (4.3)
      Microsoft.NETCore.Platforms (>= 1.1)
      Microsoft.NETCore.Targets (>= 1.1)
      System.Globalization (>= 4.3)
      System.Reflection (>= 4.3)
      System.Runtime (>= 4.3)
    System.Runtime (4.3.1)
      Microsoft.NETCore.Platforms (>= 1.1.1)
      Microsoft.NETCore.Targets (>= 1.1.3)
    System.Runtime.Extensions (4.3.1)
      Microsoft.NETCore.Platforms (>= 1.1.1)
      Microsoft.NETCore.Targets (>= 1.1.3)
      System.Runtime (>= 4.3.1)
    System.Runtime.Handles (4.3)
      Microsoft.NETCore.Platforms (>= 1.1)
      Microsoft.NETCore.Targets (>= 1.1)
      System.Runtime (>= 4.3)
    System.Runtime.InteropServices (4.3)
      Microsoft.NETCore.Platforms (>= 1.1)
      Microsoft.NETCore.Targets (>= 1.1)
      System.Reflection (>= 4.3)
      System.Reflection.Primitives (>= 4.3)
      System.Runtime (>= 4.3)
      System.Runtime.Handles (>= 4.3)
    System.Runtime.InteropServices.RuntimeInformation (4.3)
      runtime.native.System (>= 4.3)
      System.Reflection (>= 4.3)
      System.Reflection.Extensions (>= 4.3)
      System.Resources.ResourceManager (>= 4.3)
      System.Runtime (>= 4.3)
      System.Runtime.InteropServices (>= 4.3)
      System.Threading (>= 4.3)
    System.Text.Encoding (4.3)
      Microsoft.NETCore.Platforms (>= 1.1)
      Microsoft.NETCore.Targets (>= 1.1)
      System.Runtime (>= 4.3)
    System.Text.Encoding.CodePages (7.0)
    System.Text.RegularExpressions (4.3.1)
      System.Runtime (>= 4.3.1)
    System.Threading (4.3)
      System.Runtime (>= 4.3)
      System.Threading.Tasks (>= 4.3)
    System.Threading.Tasks (4.3)
      Microsoft.NETCore.Platforms (>= 1.1)
      Microsoft.NETCore.Targets (>= 1.1)
      System.Runtime (>= 4.3)
    YoloDev.Expecto.TestSdk (0.13.3)
      Expecto (>= 9.0 < 10.0)
      FSharp.Core (>= 4.6.2)
      System.Collections.Immutable (>= 6.0)

GROUP Build
STORAGE: NONE
NUGET
  remote: https://api.nuget.org/v3/index.json
    BlackFox.VsWhere (1.1) - restriction: >= netstandard2.0
      FSharp.Core (>= 4.0.0.1) - restriction: >= net45
      FSharp.Core (>= 4.2.3) - restriction: && (< net45) (>= netstandard2.0)
      Microsoft.Win32.Registry (>= 4.7) - restriction: && (< net45) (>= netstandard2.0)
    Fake.Core.CommandLineParsing (5.23.1) - restriction: >= netstandard2.0
      FParsec (>= 1.1.1) - restriction: >= netstandard2.0
      FSharp.Core (>= 6.0) - restriction: >= netstandard2.0
    Fake.Core.Context (5.23.1) - restriction: >= netstandard2.0
      FSharp.Core (>= 6.0) - restriction: >= netstandard2.0
    Fake.Core.Environment (5.23.1) - restriction: >= netstandard2.0
      FSharp.Core (>= 6.0) - restriction: >= netstandard2.0
    Fake.Core.FakeVar (5.23.1) - restriction: >= netstandard2.0
      Fake.Core.Context (>= 5.23.1) - restriction: >= netstandard2.0
      FSharp.Core (>= 6.0) - restriction: >= netstandard2.0
    Fake.Core.Process (5.23.1) - restriction: >= netstandard2.0
      Fake.Core.Environment (>= 5.23.1) - restriction: >= netstandard2.0
      Fake.Core.FakeVar (>= 5.23.1) - restriction: >= netstandard2.0
      Fake.Core.String (>= 5.23.1) - restriction: >= netstandard2.0
      Fake.Core.Trace (>= 5.23.1) - restriction: >= netstandard2.0
      Fake.IO.FileSystem (>= 5.23.1) - restriction: >= netstandard2.0
      FSharp.Core (>= 6.0) - restriction: >= netstandard2.0
      System.Collections.Immutable (>= 5.0) - restriction: >= netstandard2.0
    Fake.Core.ReleaseNotes (5.23.1)
      Fake.Core.SemVer (>= 5.23.1) - restriction: >= netstandard2.0
      Fake.Core.String (>= 5.23.1) - restriction: >= netstandard2.0
      FSharp.Core (>= 6.0) - restriction: >= netstandard2.0
    Fake.Core.SemVer (5.23.1) - restriction: >= netstandard2.0
      FSharp.Core (>= 6.0) - restriction: >= netstandard2.0
    Fake.Core.String (5.23.1) - restriction: >= netstandard2.0
      FSharp.Core (>= 6.0) - restriction: >= netstandard2.0
    Fake.Core.Target (5.23.1)
      Fake.Core.CommandLineParsing (>= 5.23.1) - restriction: >= netstandard2.0
      Fake.Core.Context (>= 5.23.1) - restriction: >= netstandard2.0
      Fake.Core.Environment (>= 5.23.1) - restriction: >= netstandard2.0
      Fake.Core.FakeVar (>= 5.23.1) - restriction: >= netstandard2.0
      Fake.Core.Process (>= 5.23.1) - restriction: >= netstandard2.0
      Fake.Core.String (>= 5.23.1) - restriction: >= netstandard2.0
      Fake.Core.Trace (>= 5.23.1) - restriction: >= netstandard2.0
      FSharp.Control.Reactive (>= 5.0.2) - restriction: >= netstandard2.0
      FSharp.Core (>= 6.0) - restriction: >= netstandard2.0
    Fake.Core.Tasks (5.23.1) - restriction: >= netstandard2.0
      Fake.Core.Trace (>= 5.23.1) - restriction: >= netstandard2.0
      FSharp.Core (>= 6.0) - restriction: >= netstandard2.0
    Fake.Core.Trace (5.23.1) - restriction: >= netstandard2.0
      Fake.Core.Environment (>= 5.23.1) - restriction: >= netstandard2.0
      Fake.Core.FakeVar (>= 5.23.1) - restriction: >= netstandard2.0
      FSharp.Core (>= 6.0) - restriction: >= netstandard2.0
    Fake.Core.UserInput (5.23.1)
      FSharp.Core (>= 6.0) - restriction: >= netstandard2.0
    Fake.Core.Xml (5.23.1) - restriction: >= netstandard2.0
      Fake.Core.String (>= 5.23.1) - restriction: >= netstandard2.0
      FSharp.Core (>= 6.0) - restriction: >= netstandard2.0
    Fake.DotNet.AssemblyInfoFile (5.23.1)
      Fake.Core.Environment (>= 5.23.1) - restriction: >= netstandard2.0
      Fake.Core.String (>= 5.23.1) - restriction: >= netstandard2.0
      Fake.Core.Trace (>= 5.23.1) - restriction: >= netstandard2.0
      Fake.IO.FileSystem (>= 5.23.1) - restriction: >= netstandard2.0
      FSharp.Core (>= 6.0) - restriction: >= netstandard2.0
    Fake.DotNet.Cli (5.23.1)
      Fake.Core.Environment (>= 5.23.1) - restriction: >= netstandard2.0
      Fake.Core.Process (>= 5.23.1) - restriction: >= netstandard2.0
      Fake.Core.String (>= 5.23.1) - restriction: >= netstandard2.0
      Fake.Core.Trace (>= 5.23.1) - restriction: >= netstandard2.0
      Fake.DotNet.MSBuild (>= 5.23.1) - restriction: >= netstandard2.0
      Fake.DotNet.NuGet (>= 5.23.1) - restriction: >= netstandard2.0
      Fake.IO.FileSystem (>= 5.23.1) - restriction: >= netstandard2.0
      FSharp.Core (>= 6.0) - restriction: >= netstandard2.0
      Mono.Posix.NETStandard (>= 1.0) - restriction: >= netstandard2.0
      Newtonsoft.Json (>= 13.0.1) - restriction: >= netstandard2.0
    Fake.DotNet.MSBuild (5.23.1) - restriction: >= netstandard2.0
      BlackFox.VsWhere (>= 1.1) - restriction: >= netstandard2.0
      Fake.Core.Environment (>= 5.23.1) - restriction: >= netstandard2.0
      Fake.Core.Process (>= 5.23.1) - restriction: >= netstandard2.0
      Fake.Core.String (>= 5.23.1) - restriction: >= netstandard2.0
      Fake.Core.Trace (>= 5.23.1) - restriction: >= netstandard2.0
      Fake.IO.FileSystem (>= 5.23.1) - restriction: >= netstandard2.0
      FSharp.Core (>= 6.0) - restriction: >= netstandard2.0
      MSBuild.StructuredLogger (>= 2.1.545) - restriction: >= netstandard2.0
    Fake.DotNet.NuGet (5.23.1) - restriction: >= netstandard2.0
      Fake.Core.Environment (>= 5.23.1) - restriction: >= netstandard2.0
      Fake.Core.Process (>= 5.23.1) - restriction: >= netstandard2.0
      Fake.Core.SemVer (>= 5.23.1) - restriction: >= netstandard2.0
      Fake.Core.String (>= 5.23.1) - restriction: >= netstandard2.0
      Fake.Core.Tasks (>= 5.23.1) - restriction: >= netstandard2.0
      Fake.Core.Trace (>= 5.23.1) - restriction: >= netstandard2.0
      Fake.Core.Xml (>= 5.23.1) - restriction: >= netstandard2.0
      Fake.IO.FileSystem (>= 5.23.1) - restriction: >= netstandard2.0
      Fake.Net.Http (>= 5.23.1) - restriction: >= netstandard2.0
      FSharp.Core (>= 6.0) - restriction: >= netstandard2.0
      Newtonsoft.Json (>= 13.0.1) - restriction: >= netstandard2.0
      NuGet.Protocol (>= 5.11) - restriction: >= netstandard2.0
    Fake.IO.FileSystem (5.23.1)
      Fake.Core.String (>= 5.23.1) - restriction: >= netstandard2.0
      FSharp.Core (>= 6.0) - restriction: >= netstandard2.0
    Fake.Net.Http (5.23.1) - restriction: >= netstandard2.0
      Fake.Core.Trace (>= 5.23.1) - restriction: >= netstandard2.0
      FSharp.Core (>= 6.0) - restriction: >= netstandard2.0
    Fake.Tools.Git (5.23.1)
      Fake.Core.Environment (>= 5.23.1) - restriction: >= netstandard2.0
      Fake.Core.Process (>= 5.23.1) - restriction: >= netstandard2.0
      Fake.Core.SemVer (>= 5.23.1) - restriction: >= netstandard2.0
      Fake.Core.String (>= 5.23.1) - restriction: >= netstandard2.0
      Fake.Core.Trace (>= 5.23.1) - restriction: >= netstandard2.0
      Fake.IO.FileSystem (>= 5.23.1) - restriction: >= netstandard2.0
      FSharp.Core (>= 6.0) - restriction: >= netstandard2.0
    FParsec (1.1.1) - restriction: >= netstandard2.0
      FSharp.Core (>= 4.3.4) - restriction: || (>= net45) (>= netstandard2.0)
      System.ValueTuple (>= 4.4) - restriction: >= net45
    FSharp.Control.Reactive (5.0.5) - restriction: >= netstandard2.0
      FSharp.Core (>= 4.7.2) - restriction: >= netstandard2.0
      System.Reactive (>= 5.0 < 6.0) - restriction: >= netstandard2.0
    FSharp.Core (7.0) - restriction: >= netstandard2.0
    Microsoft.Bcl.AsyncInterfaces (7.0) - restriction: || (&& (>= net462) (>= net7.0)) (>= net472) (&& (< net6.0) (>= net7.0))
      System.Threading.Tasks.Extensions (>= 4.5.4) - restriction: || (>= net462) (&& (>= netstandard2.0) (< netstandard2.1))
    Microsoft.Build (17.4) - restriction: >= netstandard2.0
      Microsoft.Build.Framework (>= 17.4) - restriction: || (>= net472) (>= net7.0)
      Microsoft.IO.Redist (>= 6.0) - restriction: >= net472
      Microsoft.NET.StringTools (>= 17.4) - restriction: || (>= net472) (>= net7.0)
      System.Collections.Immutable (>= 6.0) - restriction: || (>= net472) (>= net7.0)
      System.Configuration.ConfigurationManager (>= 6.0) - restriction: || (>= net472) (>= net7.0)
      System.Memory (>= 4.5.5) - restriction: >= net472
      System.Reflection.Metadata (>= 6.0) - restriction: >= net7.0
      System.Reflection.MetadataLoadContext (>= 6.0) - restriction: || (>= net472) (>= net7.0)
      System.Security.Principal.Windows (>= 5.0) - restriction: >= net7.0
      System.Text.Encoding.CodePages (>= 6.0) - restriction: >= net7.0
      System.Text.Json (>= 6.0) - restriction: || (>= net472) (>= net7.0)
      System.Threading.Tasks.Dataflow (>= 6.0) - restriction: || (>= net472) (>= net7.0)
    Microsoft.Build.Framework (17.4) - restriction: >= netstandard2.0
      Microsoft.Win32.Registry (>= 5.0) - restriction: && (< net472) (< net7.0) (>= netstandard2.0)
      System.Runtime.CompilerServices.Unsafe (>= 6.0) - restriction: >= net472
      System.Security.Permissions (>= 6.0) - restriction: || (&& (< net472) (>= netstandard2.0)) (>= net7.0)
    Microsoft.Build.Tasks.Core (17.4) - restriction: >= netstandard2.0
      Microsoft.Build.Framework (>= 17.4) - restriction: >= netstandard2.0
      Microsoft.Build.Utilities.Core (>= 17.4) - restriction: >= netstandard2.0
      Microsoft.IO.Redist (>= 6.0) - restriction: >= net472
      Microsoft.NET.StringTools (>= 17.4) - restriction: >= netstandard2.0
      Microsoft.Win32.Registry (>= 5.0) - restriction: && (< net472) (< net7.0) (>= netstandard2.0)
      System.CodeDom (>= 6.0) - restriction: || (&& (< net472) (>= netstandard2.0)) (>= net7.0)
      System.Collections.Immutable (>= 6.0) - restriction: >= netstandard2.0
      System.Reflection.Metadata (>= 6.0) - restriction: || (&& (< net472) (>= netstandard2.0)) (>= net7.0)
      System.Resources.Extensions (>= 6.0) - restriction: >= netstandard2.0
      System.Security.Cryptography.Pkcs (>= 6.0.1) - restriction: || (&& (< net472) (>= netstandard2.0)) (>= net7.0)
      System.Security.Cryptography.Xml (>= 6.0) - restriction: || (&& (< net472) (>= netstandard2.0)) (>= net7.0)
      System.Security.Permissions (>= 6.0) - restriction: || (&& (< net472) (>= netstandard2.0)) (>= net7.0)
      System.Threading.Tasks.Dataflow (>= 6.0) - restriction: >= netstandard2.0
    Microsoft.Build.Utilities.Core (17.4) - restriction: >= netstandard2.0
      Microsoft.Build.Framework (>= 17.4) - restriction: >= netstandard2.0
      Microsoft.IO.Redist (>= 6.0) - restriction: >= net472
      Microsoft.NET.StringTools (>= 17.4) - restriction: >= netstandard2.0
      Microsoft.Win32.Registry (>= 5.0) - restriction: && (< net472) (< net7.0) (>= netstandard2.0)
      System.Collections.Immutable (>= 6.0) - restriction: >= netstandard2.0
      System.Configuration.ConfigurationManager (>= 6.0) - restriction: >= netstandard2.0
      System.Security.Permissions (>= 6.0) - restriction: && (< net472) (< net7.0) (>= netstandard2.0)
      System.Text.Encoding.CodePages (>= 6.0) - restriction: && (< net472) (< net7.0) (>= netstandard2.0)
    Microsoft.IO.Redist (6.0) - restriction: >= net472
      System.Buffers (>= 4.5.1) - restriction: >= net472
      System.Memory (>= 4.5.4) - restriction: >= net472
    Microsoft.NET.StringTools (17.4) - restriction: >= netstandard2.0
      System.Memory (>= 4.5.5) - restriction: >= netstandard2.0
      System.Runtime.CompilerServices.Unsafe (>= 6.0) - restriction: >= netstandard2.0
    Microsoft.NETCore.Platforms (7.0) - restriction: || (&& (< monoandroid) (< net45) (< netcoreapp3.1) (>= netstandard2.0) (< win8) (< wpa81) (< xamarinios) (< xamarinmac) (< xamarintvos) (< xamarinwatchos)) (&& (< monoandroid) (< net45) (< netstandard1.2) (>= netstandard2.0) (< win8)) (&& (< monoandroid) (< net45) (< netstandard1.3) (>= netstandard2.0) (< win8) (< wpa81)) (&& (< monoandroid) (< net45) (< netstandard1.5) (>= netstandard2.0) (< win8) (< wpa81)) (&& (< monoandroid) (>= net5.0) (< netcoreapp2.1) (< netstandard2.1) (< xamarintvos) (< xamarinwatchos)) (&& (< monoandroid) (>= netcoreapp2.0) (< netcoreapp2.1) (< netstandard2.1) (< xamarintvos) (< xamarinwatchos))
    Microsoft.NETCore.Targets (5.0) - restriction: || (&& (< monoandroid) (< net45) (< netcoreapp3.1) (>= netstandard2.0) (< win8) (< wpa81) (< xamarinios) (< xamarinmac) (< xamarintvos) (< xamarinwatchos)) (&& (< monoandroid) (< net45) (< netstandard1.2) (>= netstandard2.0) (< win8)) (&& (< monoandroid) (< net45) (< netstandard1.3) (>= netstandard2.0) (< win8) (< wpa81)) (&& (< monoandroid) (< net45) (< netstandard1.5) (>= netstandard2.0) (< win8) (< wpa81))
    Microsoft.Win32.Registry (5.0) - restriction: || (&& (< net45) (>= netstandard2.0)) (&& (< net472) (< net7.0) (>= netstandard2.0))
      System.Buffers (>= 4.5.1) - restriction: || (&& (>= monoandroid) (< netstandard1.3)) (>= monotouch) (&& (< net46) (< netcoreapp2.0) (>= netstandard2.0)) (>= xamarinios) (>= xamarinmac) (>= xamarintvos) (>= xamarinwatchos)
      System.Memory (>= 4.5.4) - restriction: || (&& (< monoandroid) (>= netcoreapp2.0) (< netcoreapp2.1) (< xamarinios) (< xamarinmac) (< xamarintvos) (< xamarinwatchos)) (&& (< net46) (< netcoreapp2.0) (>= netstandard2.0) (< xamarinios) (< xamarinmac) (< xamarintvos) (< xamarinwatchos)) (>= uap10.1)
      System.Security.AccessControl (>= 5.0) - restriction: || (&& (>= monoandroid) (< netstandard1.3)) (&& (< monoandroid) (>= netcoreapp2.0)) (>= monotouch) (&& (< net46) (< netcoreapp2.0) (>= netstandard2.0)) (>= net461) (>= netcoreapp2.1) (>= uap10.1) (>= xamarinios) (>= xamarinmac) (>= xamarintvos) (>= xamarinwatchos)
      System.Security.Principal.Windows (>= 5.0) - restriction: || (&& (>= monoandroid) (< netstandard1.3)) (&& (< monoandroid) (>= netcoreapp2.0)) (>= monotouch) (&& (< net46) (< netcoreapp2.0) (>= netstandard2.0)) (>= net461) (>= netcoreapp2.1) (>= uap10.1) (>= xamarinios) (>= xamarinmac) (>= xamarintvos) (>= xamarinwatchos)
    Microsoft.Win32.SystemEvents (7.0) - restriction: >= net6.0
    Mono.Posix.NETStandard (1.0) - restriction: >= netstandard2.0
    MSBuild.StructuredLogger (2.1.745) - restriction: >= netstandard2.0
      Microsoft.Build (>= 16.10) - restriction: >= netstandard2.0
      Microsoft.Build.Framework (>= 16.10) - restriction: >= netstandard2.0
      Microsoft.Build.Tasks.Core (>= 16.10) - restriction: >= netstandard2.0
      Microsoft.Build.Utilities.Core (>= 16.10) - restriction: >= netstandard2.0
    Newtonsoft.Json (13.0.2) - restriction: >= netstandard2.0
    NuGet.Common (6.4) - restriction: >= netstandard2.0
      NuGet.Frameworks (>= 6.4) - restriction: >= netstandard2.0
    NuGet.Configuration (6.4) - restriction: >= netstandard2.0
      NuGet.Common (>= 6.4) - restriction: >= netstandard2.0
      System.Security.Cryptography.ProtectedData (>= 4.4) - restriction: && (< net472) (>= netstandard2.0)
    NuGet.Frameworks (6.4) - restriction: >= netstandard2.0
    NuGet.Packaging (6.4) - restriction: >= netstandard2.0
      Newtonsoft.Json (>= 13.0.1) - restriction: >= netstandard2.0
      NuGet.Configuration (>= 6.4) - restriction: >= netstandard2.0
      NuGet.Versioning (>= 6.4) - restriction: >= netstandard2.0
      System.Security.Cryptography.Cng (>= 5.0) - restriction: || (&& (< net472) (>= netstandard2.0)) (>= net5.0)
      System.Security.Cryptography.Pkcs (>= 5.0) - restriction: || (&& (< net472) (>= netstandard2.0)) (>= net5.0)
    NuGet.Protocol (6.4) - restriction: >= netstandard2.0
      NuGet.Packaging (>= 6.4) - restriction: >= netstandard2.0
    NuGet.Versioning (6.4) - restriction: >= netstandard2.0
    System.Buffers (4.5.1) - restriction: || (&& (>= monoandroid) (< netstandard1.1) (>= netstandard2.0)) (&& (>= monoandroid) (< netstandard1.3) (>= netstandard2.0)) (&& (< monoandroid) (< netstandard1.1) (>= netstandard2.0) (< win8)) (&& (>= monotouch) (>= netstandard2.0)) (&& (< net45) (< netcoreapp2.0) (>= netstandard2.0)) (&& (>= net461) (>= netstandard2.0)) (&& (>= net462) (>= netstandard2.0)) (&& (>= net462) (>= netstandard2.1)) (&& (< net462) (< net6.0) (>= netstandard2.0)) (&& (< net462) (>= netstandard2.0) (< netstandard2.1)) (>= net472) (&& (< net6.0) (>= netstandard2.1)) (&& (>= net7.0) (< netstandard2.1)) (&& (< netstandard1.1) (>= netstandard2.0) (>= win8)) (&& (>= netstandard2.0) (>= xamarintvos)) (&& (>= netstandard2.0) (>= xamarinwatchos)) (>= xamarinios) (>= xamarinmac)
    System.CodeDom (7.0) - restriction: || (&& (< net472) (>= netstandard2.0)) (>= net7.0)
    System.Collections.Immutable (7.0) - restriction: >= netstandard2.0
      System.Memory (>= 4.5.5) - restriction: || (>= net462) (&& (< net6.0) (>= netstandard2.0))
      System.Runtime.CompilerServices.Unsafe (>= 6.0) - restriction: || (>= net462) (&& (>= net6.0) (< net7.0)) (&& (< net6.0) (>= netstandard2.0))
    System.Configuration.ConfigurationManager (7.0) - restriction: >= netstandard2.0
      System.Diagnostics.EventLog (>= 7.0) - restriction: >= net7.0
      System.Security.Cryptography.ProtectedData (>= 7.0) - restriction: || (&& (< net462) (>= netstandard2.0)) (>= net6.0)
      System.Security.Permissions (>= 7.0) - restriction: || (>= net462) (>= netstandard2.0)
    System.Diagnostics.EventLog (7.0) - restriction: >= net7.0
    System.Drawing.Common (7.0) - restriction: >= net6.0
      Microsoft.Win32.SystemEvents (>= 7.0) - restriction: >= net6.0
    System.Formats.Asn1 (7.0) - restriction: || (&& (< net462) (>= netstandard2.0)) (&& (>= net5.0) (< xamarinios) (< xamarinmac) (< xamarintvos) (< xamarinwatchos)) (&& (>= netcoreapp3.0) (< xamarinios) (< xamarinmac) (< xamarintvos) (< xamarinwatchos)) (>= netstandard2.1)
      System.Buffers (>= 4.5.1) - restriction: || (>= net462) (&& (< net6.0) (>= netstandard2.0))
      System.Memory (>= 4.5.5) - restriction: || (>= net462) (&& (< net6.0) (>= netstandard2.0))
    System.IO (4.3) - restriction: || (&& (< monoandroid) (< net46) (< netstandard1.4) (>= netstandard2.0)) (&& (< monoandroid) (< net46) (< netstandard1.6) (>= netstandard2.0)) (&& (< monoandroid) (>= net5.0) (< netstandard1.4)) (&& (< monoandroid) (>= net5.0) (< netstandard1.6)) (&& (< monoandroid) (>= net5.0) (< netstandard2.0) (< xamarintvos) (< xamarinwatchos)) (&& (>= net46) (>= net5.0) (< netstandard1.4)) (&& (< net46) (>= net461) (< netstandard1.4) (>= netstandard2.0)) (&& (< net46) (>= net461) (< netstandard1.6) (>= netstandard2.0)) (&& (< net46) (>= net462) (< netstandard1.4) (>= netstandard2.0)) (&& (< net46) (>= net462) (< netstandard1.6) (>= netstandard2.0)) (&& (< net46) (>= net47) (>= netstandard2.0)) (&& (>= net461) (>= net5.0) (< netstandard1.4)) (&& (>= net461) (>= net5.0) (< netstandard1.6)) (&& (>= net462) (>= net5.0) (< netstandard1.4)) (&& (>= net462) (>= net5.0) (< netstandard1.6)) (&& (>= net463) (>= net5.0) (< netstandard1.4)) (&& (>= net463) (>= net5.0) (< netstandard1.6)) (&& (>= net463) (>= net5.0) (< netstandard2.0)) (&& (>= net463) (< netstandard1.4) (>= netstandard2.0)) (&& (>= net463) (< netstandard1.6) (>= netstandard2.0)) (&& (>= net47) (< net472) (>= netstandard2.0)) (&& (>= net47) (>= net5.0))
    System.Memory (4.5.5) - restriction: || (&& (< monoandroid) (>= netcoreapp2.0) (< netcoreapp2.1) (< xamarinios) (< xamarinmac) (< xamarintvos) (< xamarinwatchos)) (&& (< net45) (< netcoreapp2.0) (>= netstandard2.0) (< xamarinios) (< xamarinmac) (< xamarintvos) (< xamarinwatchos)) (&& (>= net462) (>= netstandard2.0)) (&& (< net462) (>= netstandard2.0) (< netstandard2.1)) (>= net472) (&& (< net6.0) (>= netstandard2.0)) (>= net7.0) (&& (>= netstandard2.0) (>= uap10.1))
      System.Buffers (>= 4.5.1) - restriction: || (&& (>= monoandroid) (< netstandard1.1)) (&& (< monoandroid) (< net45) (>= netstandard1.1) (< netstandard2.0) (< win8) (< wpa81)) (&& (< monoandroid) (< netstandard1.1) (>= portable-net45+win8+wpa81) (< win8)) (>= monotouch) (&& (>= net45) (< netstandard2.0)) (&& (< net45) (< netcoreapp2.0) (>= netstandard2.0)) (>= net461) (&& (< netstandard1.1) (>= win8)) (&& (< netstandard2.0) (< uap10.1) (>= wpa81)) (>= xamarinios) (>= xamarinmac) (>= xamarintvos) (>= xamarinwatchos)
      System.Numerics.Vectors (>= 4.4) - restriction: && (< net45) (< netcoreapp2.0) (>= netstandard2.0) (< xamarinios) (< xamarinmac) (< xamarintvos) (< xamarinwatchos)
      System.Numerics.Vectors (>= 4.5) - restriction: >= net461
      System.Runtime.CompilerServices.Unsafe (>= 4.5.3) - restriction: || (&& (>= monoandroid) (< netstandard1.1)) (&& (< monoandroid) (< net45) (>= netstandard1.1) (< netstandard2.0) (< win8) (< wpa81)) (&& (< monoandroid) (>= netcoreapp2.0) (< netcoreapp2.1)) (&& (< monoandroid) (< netstandard1.1) (>= portable-net45+win8+wpa81) (< win8)) (>= monotouch) (&& (>= net45) (< netstandard2.0)) (&& (< net45) (< netcoreapp2.0) (>= netstandard2.0)) (>= net461) (&& (< netstandard1.1) (>= win8)) (&& (< netstandard2.0) (>= wpa81)) (>= uap10.1) (>= xamarinios) (>= xamarinmac) (>= xamarintvos) (>= xamarinwatchos)
    System.Numerics.Vectors (4.5) - restriction: || (&& (< net45) (< netcoreapp2.0) (>= netstandard2.0) (< xamarinios) (< xamarinmac) (< xamarintvos) (< xamarinwatchos)) (&& (>= net461) (>= netstandard2.0)) (&& (>= net462) (>= net7.0)) (&& (>= net462) (>= netstandard2.0)) (>= net472) (&& (< net6.0) (>= net7.0))
    System.Reactive (5.0) - restriction: >= netstandard2.0
      System.Runtime.InteropServices.WindowsRuntime (>= 4.3) - restriction: && (< net472) (< netcoreapp3.1) (>= netstandard2.0)
      System.Threading.Tasks.Extensions (>= 4.5.4) - restriction: || (>= net472) (&& (< netcoreapp3.1) (>= netstandard2.0)) (>= uap10.1)
    System.Reflection.Metadata (7.0) - restriction: >= netstandard2.0
      System.Collections.Immutable (>= 7.0) - restriction: || (>= net462) (>= netstandard2.0)
    System.Reflection.MetadataLoadContext (7.0) - restriction: || (>= net472) (>= net7.0)
      System.Collections.Immutable (>= 7.0) - restriction: || (>= net462) (>= netstandard2.0)
      System.Memory (>= 4.5.5) - restriction: || (>= net462) (&& (< net6.0) (>= netstandard2.0))
      System.Reflection.Metadata (>= 7.0) - restriction: || (>= net462) (>= netstandard2.0)
    System.Resources.Extensions (7.0) - restriction: >= netstandard2.0
      System.Memory (>= 4.5.5) - restriction: || (>= net462) (&& (< net6.0) (>= netstandard2.0))
    System.Runtime (4.3.1) - restriction: || (&& (< monoandroid) (< net45) (< netcoreapp3.1) (>= netstandard2.0) (< win8) (< wpa81) (< xamarinios) (< xamarinmac) (< xamarintvos) (< xamarinwatchos)) (&& (< monoandroid) (< net46) (< netstandard1.4) (>= netstandard2.0)) (&& (< monoandroid) (< net46) (< netstandard1.6) (>= netstandard2.0)) (&& (< monoandroid) (>= net5.0) (< netstandard1.4)) (&& (< monoandroid) (>= net5.0) (< netstandard1.6)) (&& (< monoandroid) (>= net5.0) (< netstandard2.0) (< xamarintvos) (< xamarinwatchos)) (&& (>= net46) (>= net5.0) (< netstandard1.4)) (&& (< net46) (>= net461) (< netstandard1.4) (>= netstandard2.0)) (&& (< net46) (>= net461) (< netstandard1.6) (>= netstandard2.0)) (&& (< net46) (>= net462) (< netstandard1.4) (>= netstandard2.0)) (&& (< net46) (>= net462) (< netstandard1.6) (>= netstandard2.0)) (&& (< net46) (>= net47) (>= netstandard2.0)) (&& (>= net461) (>= net5.0) (< netstandard1.4)) (&& (>= net461) (>= net5.0) (< netstandard1.6)) (&& (>= net462) (>= net5.0) (< netstandard1.4)) (&& (>= net462) (>= net5.0) (< netstandard1.6)) (&& (>= net463) (>= net5.0) (< netstandard1.4)) (&& (>= net463) (>= net5.0) (< netstandard1.6)) (&& (>= net463) (>= net5.0) (< netstandard2.0)) (&& (>= net463) (< netstandard1.4) (>= netstandard2.0)) (&& (>= net463) (< netstandard1.6) (>= netstandard2.0)) (&& (>= net47) (< net472) (>= netstandard2.0)) (&& (>= net47) (>= net5.0))
      Microsoft.NETCore.Platforms (>= 1.1.1) - restriction: || (&& (< monoandroid) (< net45) (>= netstandard1.0) (< netstandard1.2) (< win8) (< wp8)) (&& (< monoandroid) (< net45) (>= netstandard1.2) (< netstandard1.3) (< win8) (< wpa81)) (&& (< monoandroid) (< net45) (>= netstandard1.3) (< netstandard1.5) (< win8) (< wpa81)) (&& (< monotouch) (< net45) (>= netstandard1.5) (< win8) (< wpa81) (< xamarinios) (< xamarinmac) (< xamarintvos) (< xamarinwatchos))
      Microsoft.NETCore.Targets (>= 1.1.3) - restriction: || (&& (< monoandroid) (< net45) (>= netstandard1.0) (< netstandard1.2) (< win8) (< wp8)) (&& (< monoandroid) (< net45) (>= netstandard1.2) (< netstandard1.3) (< win8) (< wpa81)) (&& (< monoandroid) (< net45) (>= netstandard1.3) (< netstandard1.5) (< win8) (< wpa81)) (&& (< monotouch) (< net45) (>= netstandard1.5) (< win8) (< wpa81) (< xamarinios) (< xamarinmac) (< xamarintvos) (< xamarinwatchos))
    System.Runtime.CompilerServices.Unsafe (6.0) - restriction: || (&& (< monoandroid) (>= netcoreapp2.0) (< netcoreapp2.1)) (&& (>= net462) (>= netcoreapp2.0)) (&& (>= net462) (>= xamarinios)) (&& (>= net462) (>= xamarinmac)) (>= netstandard2.0)
    System.Runtime.InteropServices.WindowsRuntime (4.3) - restriction: && (< net472) (< netcoreapp3.1) (>= netstandard2.0)
      System.Runtime (>= 4.3) - restriction: && (< monoandroid) (< monotouch) (< net45) (>= netstandard1.0) (< win8) (< wp8) (< wpa81) (< xamarinios) (< xamarinmac) (< xamarintvos) (< xamarinwatchos)
    System.Security.AccessControl (6.0) - restriction: || (&& (>= monoandroid) (< netstandard1.3) (>= netstandard2.0)) (&& (< monoandroid) (>= netcoreapp2.0)) (&& (>= monotouch) (>= netstandard2.0)) (&& (< net45) (>= net461) (>= netstandard2.0)) (&& (< net45) (< netcoreapp2.0) (>= netstandard2.0)) (&& (>= net462) (< net472) (>= netstandard2.0)) (&& (>= net462) (>= net7.0)) (&& (< net462) (< net6.0) (>= netstandard2.0)) (&& (< net472) (< net6.0) (>= netstandard2.0)) (&& (< net6.0) (>= net7.0)) (>= netcoreapp2.1) (&& (>= netstandard2.0) (>= uap10.1)) (&& (>= netstandard2.0) (>= xamarintvos)) (&& (>= netstandard2.0) (>= xamarinwatchos)) (>= xamarinios) (>= xamarinmac)
      System.Security.Principal.Windows (>= 5.0) - restriction: || (>= net461) (&& (< net6.0) (>= netstandard2.0))
    System.Security.Cryptography.Algorithms (4.3.1) - restriction: || (&& (< monoandroid) (< net46) (< netstandard1.4) (>= netstandard2.0)) (&& (< monoandroid) (< net46) (< netstandard1.6) (>= netstandard2.0)) (&& (< monoandroid) (>= net5.0) (< netstandard1.4)) (&& (< monoandroid) (>= net5.0) (< netstandard1.6)) (&& (< monoandroid) (>= net5.0) (< netstandard2.0) (< xamarintvos) (< xamarinwatchos)) (&& (>= net46) (>= net5.0) (< netstandard1.4)) (&& (>= net46) (< netstandard1.4) (>= netstandard2.0)) (&& (>= net461) (< net462) (< netstandard1.6) (>= netstandard2.0)) (&& (>= net461) (>= net5.0) (< netstandard1.6)) (&& (>= net462) (>= net5.0) (< netstandard1.6)) (&& (>= net462) (< netstandard1.6) (>= netstandard2.0)) (&& (>= net47) (< net472) (>= netstandard2.0)) (&& (>= net47) (>= net5.0))
      System.IO (>= 4.3) - restriction: || (&& (< monoandroid) (< net46) (>= netstandard1.3) (< netstandard1.4)) (&& (< monoandroid) (< net46) (>= netstandard1.4) (< netstandard1.6)) (&& (< monotouch) (< net46) (>= netstandard1.6) (< xamarinios) (< xamarinmac) (< xamarintvos) (< xamarinwatchos)) (>= net463)
      System.Runtime (>= 4.3) - restriction: || (&& (< monoandroid) (< net46) (>= netstandard1.3) (< netstandard1.4)) (&& (< monoandroid) (< net46) (>= netstandard1.4) (< netstandard1.6)) (&& (< monotouch) (< net46) (>= netstandard1.6) (< xamarinios) (< xamarinmac) (< xamarintvos) (< xamarinwatchos)) (>= net463)
      System.Security.Cryptography.Encoding (>= 4.3) - restriction: || (&& (< monotouch) (< net46) (>= netstandard1.6) (< xamarinios) (< xamarinmac) (< xamarintvos) (< xamarinwatchos)) (>= net463)
      System.Security.Cryptography.Primitives (>= 4.3) - restriction: || (&& (< monoandroid) (< net46) (>= netstandard1.3) (< netstandard1.4)) (&& (< monoandroid) (< net46) (>= netstandard1.4) (< netstandard1.6)) (&& (< monotouch) (< net46) (>= netstandard1.6) (< xamarinios) (< xamarinmac) (< xamarintvos) (< xamarinwatchos)) (&& (>= net46) (< netstandard1.4)) (&& (>= net461) (< netstandard1.6)) (>= net463)
    System.Security.Cryptography.Cng (5.0) - restriction: || (&& (< net462) (>= netstandard2.0) (< netstandard2.1)) (&& (< net472) (>= netstandard2.0)) (>= net5.0) (&& (< net6.0) (>= net7.0)) (&& (< net6.0) (>= netstandard2.1)) (&& (>= net7.0) (< netstandard2.1))
      Microsoft.NETCore.Platforms (>= 5.0) - restriction: && (< monoandroid) (>= netcoreapp2.0) (< netcoreapp2.1) (< netstandard2.1) (< xamarintvos) (< xamarinwatchos)
      System.Formats.Asn1 (>= 5.0) - restriction: && (>= netcoreapp3.0) (< xamarinios) (< xamarinmac) (< xamarintvos) (< xamarinwatchos)
      System.Security.Cryptography.Algorithms (>= 4.3.1) - restriction: || (&& (< monoandroid) (< monotouch) (< net46) (>= netstandard1.6) (< netstandard2.0) (< xamarintvos) (< xamarinwatchos)) (&& (< monoandroid) (< net46) (>= netstandard1.3) (< netstandard1.4)) (&& (< monoandroid) (< net46) (>= netstandard1.4) (< netstandard1.6) (< uap10.1)) (&& (>= net46) (< netstandard1.4)) (&& (>= net461) (< net462) (< netstandard1.6)) (&& (>= net462) (< netstandard1.6)) (>= net47)
    System.Security.Cryptography.Encoding (4.3) - restriction: || (&& (< monoandroid) (< net46) (< netstandard1.4) (>= netstandard2.0)) (&& (< monoandroid) (< net46) (< netstandard1.6) (>= netstandard2.0)) (&& (< monoandroid) (>= net5.0) (< netstandard1.4)) (&& (< monoandroid) (>= net5.0) (< netstandard1.6)) (&& (< monoandroid) (>= net5.0) (< netstandard2.0) (< xamarintvos) (< xamarinwatchos)) (&& (>= net46) (>= net5.0) (< netstandard1.4)) (&& (< net46) (>= net461) (< netstandard1.6) (>= netstandard2.0)) (&& (< net46) (>= net462) (< netstandard1.6) (>= netstandard2.0)) (&& (< net46) (>= net47) (>= netstandard2.0)) (&& (>= net461) (>= net5.0) (< netstandard1.6)) (&& (>= net462) (>= net5.0) (< netstandard1.6)) (&& (>= net463) (>= net5.0) (< netstandard1.4)) (&& (>= net463) (>= net5.0) (< netstandard1.6)) (&& (>= net463) (>= net5.0) (< netstandard2.0)) (&& (>= net463) (< netstandard1.4) (>= netstandard2.0)) (&& (>= net463) (< netstandard1.6) (>= netstandard2.0)) (&& (>= net47) (< net472) (>= netstandard2.0)) (&& (>= net47) (>= net5.0))
    System.Security.Cryptography.Pkcs (7.0) - restriction: || (&& (< net462) (>= netstandard2.0)) (&& (< net472) (>= netstandard2.0)) (>= net6.0)
      System.Buffers (>= 4.5.1) - restriction: && (< net462) (>= netstandard2.0) (< netstandard2.1)
      System.Formats.Asn1 (>= 7.0) - restriction: || (&& (< net462) (>= netstandard2.0)) (>= netstandard2.1)
      System.Memory (>= 4.5.5) - restriction: && (< net462) (>= netstandard2.0) (< netstandard2.1)
      System.Security.Cryptography.Cng (>= 5.0) - restriction: || (&& (< net462) (>= netstandard2.0) (< netstandard2.1)) (&& (< net6.0) (>= netstandard2.1))
    System.Security.Cryptography.Primitives (4.3) - restriction: || (&& (< monoandroid) (< net46) (< netstandard1.4) (>= netstandard2.0)) (&& (< monoandroid) (< net46) (< netstandard1.6) (>= netstandard2.0)) (&& (< monoandroid) (>= net5.0) (< netstandard1.4)) (&& (< monoandroid) (>= net5.0) (< netstandard1.6)) (&& (< monoandroid) (>= net5.0) (< netstandard2.0) (< xamarintvos) (< xamarinwatchos)) (&& (>= net46) (>= net5.0) (< netstandard1.4)) (&& (>= net46) (< netstandard1.4) (>= netstandard2.0)) (&& (< net46) (>= net461) (< netstandard1.6) (>= netstandard2.0)) (&& (< net46) (>= net47) (>= netstandard2.0)) (&& (>= net461) (< net462) (< netstandard1.6) (>= netstandard2.0)) (&& (>= net461) (>= net5.0) (< netstandard1.4)) (&& (>= net461) (>= net5.0) (< netstandard1.6)) (&& (>= net461) (< netstandard1.4) (>= netstandard2.0)) (&& (>= net462) (>= net5.0) (< netstandard1.4)) (&& (>= net462) (>= net5.0) (< netstandard1.6)) (&& (>= net462) (< netstandard1.4) (>= netstandard2.0)) (&& (>= net462) (< netstandard1.6) (>= netstandard2.0)) (&& (>= net463) (>= net5.0) (< netstandard1.4)) (&& (>= net463) (>= net5.0) (< netstandard1.6)) (&& (>= net463) (>= net5.0) (< netstandard2.0)) (&& (>= net463) (< netstandard1.4) (>= netstandard2.0)) (&& (>= net463) (< netstandard1.6) (>= netstandard2.0)) (&& (>= net47) (< net472) (>= netstandard2.0)) (&& (>= net47) (>= net5.0)) (&& (>= net47) (< netstandard1.4) (>= netstandard2.0)) (&& (>= net47) (< netstandard1.6) (>= netstandard2.0))
    System.Security.Cryptography.ProtectedData (7.0) - restriction: || (&& (< net462) (>= net472)) (&& (>= net472) (>= net6.0)) (&& (< net472) (>= netstandard2.0)) (>= net7.0)
    System.Security.Cryptography.Xml (7.0) - restriction: || (&& (< net472) (>= netstandard2.0)) (>= net7.0)
      System.Memory (>= 4.5.5) - restriction: && (< net462) (< net6.0) (>= netstandard2.0)
      System.Security.AccessControl (>= 6.0) - restriction: && (< net462) (< net6.0) (>= netstandard2.0)
      System.Security.Cryptography.Pkcs (>= 7.0) - restriction: || (&& (< net462) (>= netstandard2.0)) (>= net6.0)
    System.Security.Permissions (7.0) - restriction: >= netstandard2.0
      System.Security.AccessControl (>= 6.0) - restriction: || (>= net462) (&& (< net6.0) (>= netstandard2.0))
      System.Windows.Extensions (>= 7.0) - restriction: >= net6.0
    System.Security.Principal.Windows (5.0) - restriction: || (&& (>= monoandroid) (< netstandard1.3) (>= netstandard2.0)) (&& (< monoandroid) (>= netcoreapp2.0)) (&& (>= monotouch) (>= netstandard2.0)) (&& (< net45) (>= net461) (>= netstandard2.0)) (&& (< net45) (< netcoreapp2.0) (>= netstandard2.0)) (&& (>= net461) (>= netcoreapp2.0)) (>= netcoreapp2.1) (&& (>= netstandard2.0) (>= uap10.1)) (&& (>= netstandard2.0) (>= xamarintvos)) (&& (>= netstandard2.0) (>= xamarinwatchos)) (>= xamarinios) (>= xamarinmac)
    System.Text.Encoding.CodePages (7.0) - restriction: || (&& (< net472) (>= netstandard2.0)) (>= net7.0)
    System.Text.Encodings.Web (7.0) - restriction: || (>= net472) (>= net7.0)
      System.Buffers (>= 4.5.1) - restriction: || (>= net462) (&& (< net6.0) (>= netstandard2.0))
      System.Memory (>= 4.5.5) - restriction: || (>= net462) (&& (< net6.0) (>= netstandard2.0))
      System.Runtime.CompilerServices.Unsafe (>= 6.0) - restriction: || (>= net462) (&& (>= net6.0) (< net7.0)) (&& (< net6.0) (>= netstandard2.0))
    System.Text.Json (7.0) - restriction: || (>= net472) (>= net7.0)
      Microsoft.Bcl.AsyncInterfaces (>= 7.0) - restriction: || (>= net462) (&& (< net6.0) (>= netstandard2.0))
      System.Buffers (>= 4.5.1) - restriction: || (>= net462) (&& (< net6.0) (>= netstandard2.0))
      System.Memory (>= 4.5.5) - restriction: || (>= net462) (&& (< net6.0) (>= netstandard2.0))
      System.Numerics.Vectors (>= 4.5) - restriction: || (>= net462) (&& (< net6.0) (>= netstandard2.0))
      System.Runtime.CompilerServices.Unsafe (>= 6.0) - restriction: || (>= net462) (&& (>= net6.0) (< net7.0)) (&& (< net6.0) (>= netstandard2.0))
      System.Text.Encodings.Web (>= 7.0) - restriction: || (>= net462) (>= netstandard2.0)
      System.Threading.Tasks.Extensions (>= 4.5.4) - restriction: || (>= net462) (&& (< net6.0) (>= netstandard2.0))
      System.ValueTuple (>= 4.5) - restriction: >= net462
    System.Threading.Tasks.Dataflow (7.0) - restriction: >= netstandard2.0
    System.Threading.Tasks.Extensions (4.5.4) - restriction: || (&& (>= net462) (>= net7.0)) (>= net472) (&& (< net6.0) (>= net7.0)) (&& (< netcoreapp3.1) (>= netstandard2.0)) (&& (>= netstandard2.0) (>= uap10.1))
      System.Runtime.CompilerServices.Unsafe (>= 4.5.3) - restriction: || (&& (< monoandroid) (< monotouch) (< net45) (>= netstandard1.0) (< netstandard2.0) (< win8) (< wpa81) (< xamarintvos) (< xamarinwatchos)) (&& (< monoandroid) (< netstandard1.0) (>= portable-net45+win8+wp8+wpa81) (< win8)) (&& (>= net45) (< netstandard2.0)) (&& (< net45) (< netcoreapp2.1) (>= netstandard2.0) (< xamarinios) (< xamarinmac) (< xamarintvos) (< xamarinwatchos)) (>= net461) (&& (< netstandard1.0) (>= win8)) (&& (< netstandard2.0) (>= wpa81)) (>= wp8)
    System.ValueTuple (4.5) - restriction: || (&& (>= net45) (>= netstandard2.0)) (&& (>= net462) (>= net7.0)) (>= net472)
    System.Windows.Extensions (7.0) - restriction: >= net6.0
      System.Drawing.Common (>= 7.0) - restriction: >= net6.0
